GEM
  remote: http://rubygems.org/
  specs:
    activesupport (3.2.11)
      i18n (~> 0.6)
      multi_json (~> 1.0)
    awesome_print (1.1.0)
    builder (3.1.4)
    columnize (0.3.6)
    cucumber (1.2.1)
      builder (>= 2.1.2)
      diff-lcs (>= 1.1.3)
      gherkin (~> 2.11.0)
      json (>= 1.4.6)
    debugger (1.2.3)
      columnize (>= 0.3.1)
      debugger-linecache (~> 1.1.1)
      debugger-ruby_core_source (~> 1.1.5)
    debugger-linecache (1.1.2)
      debugger-ruby_core_source (>= 1.1.1)
    debugger-ruby_core_source (1.1.6)
    diff-lcs (1.1.3)
    gherkin (2.11.5-x86-mingw32)
      json (>= 1.4.6)
    i18n (0.6.1)
    json (1.7.6)
    multi_json (1.5.0)
    robots (0.10.1)
    syntax (1.0.0)
    time_diff (0.3.0)
      activesupport
      i18n
    xml-simple (1.1.2)

PLATFORMS
  x86-mingw32

DEPENDENCIES
  awesome_print
  cucumber
  debugger
  robots
  syntax
  time_diff
  xml-simple
